GEM
  remote: http://rubygems.org/
  specs:
    activesupport (2.3.10)
    addressable (2.2.2)
    crack (0.1.8)
    fakeweb (1.3.0)
    hashie (0.4.0)
    httparty (0.6.1)
      crack (= 0.1.8)
    nokogiri (1.4.4)
    rspec (1.3.1)

PLATFORMS
  ruby

DEPENDENCIES
  activesupport (~> 2.3)
  addressable (~> 2.2)
  fakeweb
  hashie (~> 0.1)
  httparty (~> 0.4)
  nokogiri
  rspec (~> 1.3.0)
